GEM
  remote: https://rubygems.org/
  specs:
    docile (1.4.0)
    minitest (5.21.2)
    rake (13.1.0)
    simplecov (0.22.0)
      docile (~> 1.1)
      simplecov-html (~> 0.11)
      simplecov_json_formatter (~> 0.1)
    simplecov-html (0.12.3)
    simplecov-lcov (0.8.0)
    simplecov_json_formatter (0.1.4)
    webrick (1.8.1)
    yard (0.9.34)

PLATFORMS
  x86_64-linux

DEPENDENCIES
  minitest
  rake
  simplecov
  simplecov-lcov
  webrick
  yard

BUNDLED WITH
   2.4.6
